PATH
  remote: .
  specs:
    iterm_color_profiles (0.1.0)
      plist (~> 3.5.0)

GEM
  remote: https://rubygems.org/
  specs:
    plist (3.5.0)
    rake (12.3.3)

PLATFORMS
  ruby

DEPENDENCIES
  iterm_color_profiles!
  rake (~> 12.0)

BUNDLED WITH
   2.1.4
